GEM
  remote: https://rubygems.org/
  specs:
    minitest (5.11.1)
    minitest-color (0.0.2)
      minitest (~> 5)

PLATFORMS
  ruby

DEPENDENCIES
  minitest
  minitest-color

BUNDLED WITH
   1.16.1
