GEM
  remote: https://rubygems.org/
  specs:
    coderay (1.1.2)
    docile (1.1.5)
    json (2.1.0)
    method_source (0.9.0)
    minitest (5.11.1)
    minitest-color (0.0.2)
      minitest (~> 5)
    pry (0.11.3)
      coderay (~> 1.1.0)
      method_source (~> 0.9.0)
    rake (12.3.0)
    simplecov (0.15.1)
      docile (~> 1.1.0)
      json (>= 1.8, < 3)
      simplecov-html (~> 0.10.0)
    simplecov-html (0.10.2)

PLATFORMS
  ruby

DEPENDENCIES
  minitest
  minitest-color
  pry
  rake
  simplecov

BUNDLED WITH
   1.16.1
