GEM
  remote: https://rubygems.org/
  specs:
    coderay (1.1.2)
    method_source (0.9.0)
    minitest (5.11.1)
    minitest-color (0.0.2)
      minitest (~> 5)
    pry (0.11.3)
      coderay (~> 1.1.0)
      method_source (~> 0.9.0)
    rake (12.3.0)

PLATFORMS
  ruby

DEPENDENCIES
  minitest
  minitest-color
  pry
  rake

BUNDLED WITH
   1.16.1
